GEM
  remote: https://rubygems.org/
  specs:
    gosu (0.14.5)
    rounding (1.0.1)

PLATFORMS
  ruby

DEPENDENCIES
  gosu
  rounding

BUNDLED WITH
   1.17.2
